GEM
  remote: https://rubygems.org/
  specs:
    json (1.8.0)
    mac-event-monitor (0.2.1)
      json

PLATFORMS
  ruby

DEPENDENCIES
  mac-event-monitor
